GEM
  remote: https://rubygems.org/
  specs:
    byebug (9.0.6)
    coderay (1.1.1)
    method_source (0.8.2)
    pg (0.19.0)
    pry (0.10.4)
      coderay (~> 1.1.0)
      method_source (~> 0.8.1)
      slop (~> 3.4)
    pry-byebug (3.4.1)
      byebug (~> 9.0)
      pry (~> 0.10)
    rake (11.3.0)
    sequel (4.41.0)
    slop (3.6.0)
    sqlite3 (1.3.12)

PLATFORMS
  ruby

DEPENDENCIES
  pg
  pry-byebug
  rake
  sequel
  sqlite3

RUBY VERSION
   ruby 2.3.1p112

BUNDLED WITH
   1.13.2
